GEM
  remote: https://rubygems.org/
  specs:
    activesupport (5.0.0.1)
      concurrent-ruby (~> 1.0, >= 1.0.2)
      i18n (~> 0.7)
      minitest (~> 5.1)
      tzinfo (~> 1.1)
    concurrent-ruby (1.0.2)
    connection_pool (2.2.0)
    daemons (1.2.4)
    dotenv (2.1.1)
    eventmachine (1.2.0.1)
    foreman (0.82.0)
      thor (~> 0.19.1)
    i18n (0.7.0)
    minitest (5.9.1)
    rack (1.6.4)
    rack-protection (1.5.3)
      rack
    redis (3.3.1)
    redis-namespace (1.5.2)
      redis (~> 3.0, >= 3.0.4)
    sidekiq (4.1.4)
      concurrent-ruby (~> 1.0)
      connection_pool (~> 2.2, >= 2.2.0)
      redis (~> 3.2, >= 3.2.1)
      sinatra (>= 1.4.7)
    sidekiq-status (0.6.0)
      sidekiq (>= 2.7)
    sinatra (1.4.7)
      rack (~> 1.5)
      rack-protection (~> 1.4)
      tilt (>= 1.3, < 3)
    thin (1.7.0)
      daemons (~> 1.0, >= 1.0.9)
      eventmachine (~> 1.0, >= 1.0.4)
      rack (>= 1, < 3)
    thor (0.19.1)
    thread_safe (0.3.5)
    tilt (2.0.5)
    tzinfo (1.2.2)
      thread_safe (~> 0.1)

PLATFORMS
  ruby

DEPENDENCIES
  activesupport (~> 5.0)
  dotenv
  foreman
  redis-namespace (~> 1.3)
  sidekiq (~> 4.1.0)
  sidekiq-status (~> 0.6)
  sinatra (~> 1.4)
  thin (~> 1.7)

BUNDLED WITH
   1.13.2
