GEM
  remote: https://rubygems.org/
  specs:
    concurrent-ruby (1.0.5)
    connection_pool (2.2.1)
    daemons (1.2.6)
    dotenv (2.2.1)
    eventmachine (1.2.5)
    rack (2.0.3)
    rack-protection (2.0.0)
      rack
    redis (3.3.5)
    sidekiq (4.2.5)
      concurrent-ruby (~> 1.0)
      connection_pool (~> 2.2, >= 2.2.0)
      rack-protection (>= 1.5.0)
      redis (~> 3.2, >= 3.2.1)
    thin (1.7.2)
      daemons (~> 1.0, >= 1.0.9)
      eventmachine (~> 1.0, >= 1.0.4)
      rack (>= 1, < 3)

PLATFORMS
  ruby

DEPENDENCIES
  dotenv
  sidekiq (= 4.2.5)
  thin (~> 1.7)

RUBY VERSION
   ruby 2.4.2p198

BUNDLED WITH
   1.16.0
