GEM
  remote: https://rubygems.org/
  specs:
    concurrent-ruby (1.0.5)
    connection_pool (2.2.2)
    daemons (1.2.6)
    dotenv (2.5.0)
    eventmachine (1.2.7)
    rack (2.0.5)
    rack-protection (2.0.3)
      rack
    redis (4.0.1)
    sidekiq (5.1.3)
      concurrent-ruby (~> 1.0)
      connection_pool (~> 2.2, >= 2.2.0)
      rack-protection (>= 1.5.0)
      redis (>= 3.3.5, < 5)
    thin (1.7.2)
      daemons (~> 1.0, >= 1.0.9)
      eventmachine (~> 1.0, >= 1.0.4)
      rack (>= 1, < 3)

PLATFORMS
  ruby

DEPENDENCIES
  dotenv
  sidekiq
  thin

RUBY VERSION
   ruby 2.5.1p57

BUNDLED WITH
   1.16.1
